GEM
  remote: http://rubygems.org/
  specs:
    ansi (1.4.3)
    builder (3.2.2)
    minitest (5.5.0)
    minitest-reporters (1.0.8)
      ansi
      builder
      minitest (>= 5.0)
      ruby-progressbar
    postgres-pr (0.6.3)
    rake (10.4.2)
    ruby-progressbar (1.7.1)
    sequel (4.18.0)

PLATFORMS
  ruby

DEPENDENCIES
  minitest
  minitest-reporters
  postgres-pr
  rake
  sequel
